PATH
  remote: .
  specs:
    our_first_gem (0.1.0)

GEM
  remote: https://rubygems.org/
  specs:
    minitest (5.25.4)
    rake (13.2.1)

PLATFORMS
  x64-mingw-ucrt
  x86_64-linux-gnu

DEPENDENCIES
  minitest (~> 5.0)
  our_first_gem!
  rake (~> 13.0)

BUNDLED WITH
   2.6.2
